GIT
  remote: git://github.com/JustinLove/sqrl_auth.git
  revision: a9750ecea497cad8a5492ea8a0a3dfb844c78352
  branch: master
  specs:
    sqrl_auth (0.1.0)
      rbnacl
      scrypt

GIT
  remote: git://github.com/JustinLove/sqrl_check.git
  revision: c1602668e207c6b31fd209a1022b566366bc4405
  branch: master
  specs:
    sqrl_check (0.0.1)
      httpclient
      minitest
      minitest-hooks
      sqrl_auth

PATH
  remote: .
  specs:
    sqrl_check_web (0.1.0)
      autoscaler (~> 0.12)
      redis (~> 3.3)
      rqrcode
      sidekiq (~> 4.2)
      sinatra (~> 1.4)
      sqrl_check
      thin (~> 1.7)

GEM
  remote: https://rubygems.org/
  specs:
    autoscaler (0.12.0)
      heroku-api
      platform-api
      sidekiq (~> 4.0)
    chunky_png (1.3.8)
    coderay (1.1.1)
    concurrent-ruby (1.0.2)
    connection_pool (2.2.1)
    daemons (1.2.4)
    erubis (2.7.0)
    eventmachine (1.2.1)
    excon (0.54.0)
    ffi (1.9.14)
    ffi-compiler (1.0.1)
      ffi (>= 1.0.0)
      rake
    foreman (0.82.0)
      thor (~> 0.19.1)
    formatador (0.2.5)
    guard (2.14.0)
      formatador (>= 0.2.4)
      listen (>= 2.7, < 4.0)
      lumberjack (~> 1.0)
      nenv (~> 0.1)
      notiffany (~> 0.0)
      pry (>= 0.9.12)
      shellany (~> 0.0)
      thor (>= 0.18.1)
    guard-compat (1.2.1)
    guard-process (1.2.1)
      guard-compat (~> 1.2, >= 1.2.1)
      spoon (~> 0.0.1)
    heroics (0.0.17)
      erubis (~> 2.0)
      excon
      moneta
      multi_json (>= 1.9.2)
      netrc
    heroku-api (0.4.2)
      excon (~> 0.45)
      multi_json (~> 1.8)
    httpclient (2.8.2.4)
    listen (3.1.5)
      rb-fsevent (~> 0.9, >= 0.9.4)
      rb-inotify (~> 0.9, >= 0.9.7)
      ruby_dep (~> 1.2)
    lumberjack (1.0.10)
    method_source (0.8.2)
    minitest (5.9.1)
    minitest-hooks (1.4.0)
    moneta (0.8.0)
    multi_json (1.12.1)
    nenv (0.3.0)
    netrc (0.11.0)
    notiffany (0.1.1)
      nenv (~> 0.1)
      shellany (~> 0.0)
    platform-api (0.8.0)
      heroics (~> 0.0.17)
    pry (0.10.4)
      coderay (~> 1.1.0)
      method_source (~> 0.8.1)
      slop (~> 3.4)
    rack (1.6.5)
    rack-protection (1.5.3)
      rack
    rake (10.5.0)
    rb-fsevent (0.9.8)
    rb-inotify (0.9.7)
      ffi (>= 0.5.0)
    rbnacl (3.4.0)
      ffi
    redis (3.3.2)
    rqrcode (0.10.1)
      chunky_png (~> 1.0)
    ruby_dep (1.5.0)
    scrypt (3.0.3)
      ffi-compiler (>= 1.0.0)
      rake
    shellany (0.0.1)
    sidekiq (4.2.6)
      concurrent-ruby (~> 1.0)
      connection_pool (~> 2.2, >= 2.2.0)
      rack-protection (>= 1.5.0)
      redis (~> 3.2, >= 3.2.1)
    sinatra (1.4.7)
      rack (~> 1.5)
      rack-protection (~> 1.4)
      tilt (>= 1.3, < 3)
    slop (3.6.0)
    spoon (0.0.6)
      ffi
    thin (1.7.0)
      daemons (~> 1.0, >= 1.0.9)
      eventmachine (~> 1.0, >= 1.0.4)
      rack (>= 1, < 3)
    thor (0.19.1)
    tilt (2.0.5)

PLATFORMS
  ruby

DEPENDENCIES
  bundler (~> 1.10)
  foreman
  guard
  guard-process
  minitest
  rake (~> 10.0)
  sqrl_auth!
  sqrl_check!
  sqrl_check_web!

RUBY VERSION
   ruby 2.3.1p112

BUNDLED WITH
   1.13.6
